PATH
  remote: mod
  specs:
    card-mod-deckorate_search (0.1)
      card
      opensearch-ruby

PATH
  remote: vendor/card-mods
  specs:
    card-mod-alias (0.2)
      card
    card-mod-bookmarks (0.3)
      card
      card-mod-counts
    card-mod-counts (0.3)
      card
      card-mod-filter
      card-mod-search
    card-mod-csv_import (0.2)
      card
      card-mod-export
      card-mod-tabs
    card-mod-export (0.3)
      card
      card-mod-search
    card-mod-filter (0.3)
      card
      card-mod-bootstrap
      card-mod-search
    card-mod-flag (0.3)
      card
    card-mod-fulltext (0.3)
      card
    card-mod-google_analytics (0.2)
      card
      staccato (~> 0.5)
    card-mod-graphql (0.2)
      card
      graphiql-rails (~> 1.7)
      graphql (~> 1.12.20)
      rack-cors
    card-mod-lookup (0.4)
      card
      card-mod-filter
    card-mod-new_relic (0.3)
      card
      decko
      newrelic_rpm
    card-mod-pdfjs (0.3)
      card
    card-mod-social (0.3)
      card
    card-mod-solid_cache (0.4)
      card
    card-mod-thumbnail (0.2)
      card
      card-mod-bar_and_box

PATH
  remote: vendor/decko/mod
  specs:
    card-mod-account (0.18.1)
      card (= 1.108.1)
      card-mod-edit (= 0.18.1)
      card-mod-email (= 0.18.1)
      card-mod-integrate (= 0.18.1)
      card-mod-list (= 0.18.1)
      card-mod-permissions (= 0.18.1)
    card-mod-ace_editor (0.18.1)
      card (= 1.108.1)
      card-mod-edit (= 0.18.1)
      card-mod-script (= 0.18.1)
    card-mod-api_key (0.18.1)
      card (= 1.108.1)
      card-mod-account (= 0.18.1)
    card-mod-assets (0.18.1)
      card (= 1.108.1)
      card-mod-carrierwave (= 0.18.1)
      card-mod-content (= 0.18.1)
      card-mod-format (= 0.18.1)
      card-mod-list (= 0.18.1)
      card-mod-virtual (= 0.18.1)
      execjs (~> 2.7, != 2.8.0)
    card-mod-bar_and_box (0.18.1)
      card (= 1.108.1)
      card-mod-style (= 0.18.1)
    card-mod-bootstrap (0.18.1)
      card (= 1.108.1)
      card-mod-bar_and_box (= 0.18.1)
      card-mod-edit (= 0.18.1)
      card-mod-script (= 0.18.1)
      card-mod-style (= 0.18.1)
    card-mod-carrierwave (0.18.1)
      card (= 1.108.1)
      card-mod-history (= 0.18.1)
      card-mod-permissions (= 0.18.1)
      carrierwave (~> 3.0)
      marcel (= 1.0.2)
      mini_magick (~> 4.12)
      ssrf_filter (~> 1.1)
    card-mod-collection (0.18.1)
      card (= 1.108.1)
    card-mod-comment (0.18.1)
      card (= 1.108.1)
      card-mod-permissions (= 0.18.1)
    card-mod-content (0.18.1)
      card (= 1.108.1)
    card-mod-date (0.18.1)
      card (= 1.108.1)
    card-mod-defaults (0.18.1)
      card (= 1.108.1)
      card-mod-account (= 0.18.1)
      card-mod-ace_editor (= 0.18.1)
      card-mod-api_key (= 0.18.1)
      card-mod-assets (= 0.18.1)
      card-mod-bar_and_box (= 0.18.1)
      card-mod-bootstrap (= 0.18.1)
      card-mod-carrierwave (= 0.18.1)
      card-mod-comment (= 0.18.1)
      card-mod-date (= 0.18.1)
      card-mod-delayed_job (= 0.18.1)
      card-mod-follow (= 0.18.1)
      card-mod-help (= 0.18.1)
      card-mod-history (= 0.18.1)
      card-mod-integrate (= 0.18.1)
      card-mod-layout (= 0.18.1)
      card-mod-list (= 0.18.1)
      card-mod-markdown (= 0.18.1)
      card-mod-permissions (= 0.18.1)
      card-mod-recaptcha (= 0.18.1)
      card-mod-rules (= 0.18.1)
      card-mod-search (= 0.18.1)
      card-mod-tabs (= 0.18.1)
      card-mod-tinymce_editor (= 0.18.1)
    card-mod-delayed_job (0.18.1)
      card (= 1.108.1)
      daemons (~> 1.4)
      delayed_job_active_record (~> 4.1)
      delayed_job_web (~> 1.4)
    card-mod-edit (0.18.1)
      card (= 1.108.1)
      card-mod-list (= 0.18.1)
      card-mod-rules (= 0.18.1)
    card-mod-email (0.18.1)
      card (= 1.108.1)
      card-mod-list (= 0.18.1)
      card-mod-permissions (= 0.18.1)
      card-mod-search (= 0.18.1)
    card-mod-follow (0.18.1)
      card (= 1.108.1)
      card-mod-carrierwave (= 0.18.1)
    card-mod-format (0.18.1)
      card (= 1.108.1)
      card-mod-content (= 0.18.1)
    card-mod-help (0.18.1)
      card (= 1.108.1)
      card-mod-markdown (= 0.18.1)
      card-mod-permissions (= 0.18.1)
    card-mod-history (0.18.1)
      card (= 1.108.1)
    card-mod-integrate (0.18.1)
      card (= 1.108.1)
      card-mod-rules (= 0.18.1)
    card-mod-layout (0.18.1)
      card (= 1.108.1)
      card-mod-account (= 0.18.1)
      card-mod-session (= 0.18.1)
      card-mod-tabs (= 0.18.1)
    card-mod-list (0.18.1)
      card (= 1.108.1)
      card-mod-collection (= 0.18.1)
      card-mod-format (= 0.18.1)
    card-mod-markdown (0.18.1)
      card (= 1.108.1)
      kramdown (~> 2.4)
      kramdown-syntax-coderay (~> 1.0)
    card-mod-monkey (0.18.1)
      better_errors (~> 2.9)
      break (~> 0.30)
      card (= 1.108.1)
      html2haml (~> 2.2)
      pry-rails (~> 0.3)
      pry-rescue (~> 1.5)
      pry-stack_explorer (~> 0.6)
      rubocop (~> 1.17)
    card-mod-permissions (0.18.1)
      card (= 1.108.1)
    card-mod-recaptcha (0.18.1)
      card (= 1.108.1)
      recaptcha (~> 4.13.1)
    card-mod-rules (0.18.1)
      card (= 1.108.1)
      card-mod-format (= 0.18.1)
      card-mod-search (= 0.18.1)
    card-mod-script (0.18.1)
      card (= 1.108.1)
      card-mod-assets (= 0.18.1)
      card-mod-list (= 0.18.1)
    card-mod-search (0.18.1)
      card (= 1.108.1)
      card-mod-collection (= 0.18.1)
      card-mod-format (= 0.18.1)
      card-mod-help (= 0.18.1)
    card-mod-session (0.18.1)
      card (= 1.108.1)
      card-mod-list (= 0.18.1)
    card-mod-style (0.18.1)
      card (= 1.108.1)
      card-mod-assets (= 0.18.1)
      card-mod-list (= 0.18.1)
    card-mod-tabs (0.18.1)
      card (= 1.108.1)
      card-mod-bootstrap (= 0.18.1)
    card-mod-tinymce_editor (0.18.1)
      card (= 1.108.1)
      card-mod-edit (= 0.18.1)
    card-mod-virtual (0.18.1)
      card (= 1.108.1)

PATH
  remote: vendor/decko/support
  specs:
    decko-cucumber (0.18.1)
      capybara-puma (~> 1.0)
      cucumber-create-meta (!= 6.0.3)
      cucumber-rails (~> 2.3)
      database_cleaner (~> 2.0)
      email_spec (~> 2.2)
      launchy (~> 2.5)
      puma (!= 6.0.0)
      rspec (~> 3.10)
      rspec-html-matchers (~> 0.9)
      selenium-webdriver (= 4.9.0)
      simplecov (~> 0.21)
      webdrivers (~> 5.2)
    decko-cypress (0.18.1)
      cypress-on-rails (~> 1.4)
    decko-profile (0.18.1)
      ruby-prof (~> 1.4)
    decko-rspec (0.18.1)
      capybara (~> 3.37)
      i18n-tasks (~> 0.9)
      minitest (~> 5.14)
      rails-controller-testing (~> 1.0)
      rr (~> 3.0)
      rspec (~> 3.12)
      rspec-html-matchers (~> 0.9)
      rspec-rails (~> 6.0)
      rspec_junit_formatter (~> 0.4)
      rubocop-rspec (~> 2.4)
      simplecov (~> 0.21)
      spork (~> 0.9)
      timecop (~> 0.9)
    decko-spring (0.18.1)
      listen (~> 3.8)
      spring (~> 4)
      spring-commands-cucumber (~> 1.0)
      spring-commands-rspec (~> 1.0)

PATH
  remote: vendor/decko
  specs:
    card (1.108.1)
      actionmailbox (~> 7.1)
      actionmailer (~> 7.1)
      actionview (~> 7.1)
      activejob (~> 7.1)
      activerecord (~> 7.1)
      activerecord-import (~> 1.1)
      activestorage (~> 7.1)
      bootstrap4-kaminari-views (~> 1.0)
      cardname (= 0.18.1)
      coderay (~> 1.1)
      coffee-script (~> 2.4)
      colorize (~> 0.8)
      diff-lcs (~> 1.4)
      haml (~> 5.2)
      jwt (~> 2.2)
      kaminari (~> 1.2)
      railties (~> 7.1)
      rake (~> 13.0)
      sass (~> 3.7.4)
      sassc (~> 2.4)
      sprockets (~> 3.7)
      sprockets-rails (~> 3.2)
      timecop (~> 0.9)
      uglifier (~> 4.2)
      zeitwerk (!= 2.5.0)
    cardname (0.18.1)
      activesupport (~> 7.1)
      htmlentities (~> 4.3)
    decko (0.18.1)
      actionpack (~> 7.1)
      card (= 1.108.1)
      card-mod-defaults (= 0.18.1)

GEM
  remote: http://rubygems.org/
  specs:
    actioncable (7.2.2.1)
      actionpack (= 7.2.2.1)
      activesupport (= 7.2.2.1)
      nio4r (~> 2.0)
      websocket-driver (>= 0.6.1)
      zeitwerk (~> 2.6)
    actionmailbox (7.2.2.1)
      actionpack (= 7.2.2.1)
      activejob (= 7.2.2.1)
      activerecord (= 7.2.2.1)
      activestorage (= 7.2.2.1)
      activesupport (= 7.2.2.1)
      mail (>= 2.8.0)
    actionmailer (7.2.2.1)
      actionpack (= 7.2.2.1)
      actionview (= 7.2.2.1)
      activejob (= 7.2.2.1)
      activesupport (= 7.2.2.1)
      mail (>= 2.8.0)
      rails-dom-testing (~> 2.2)
    actionpack (7.2.2.1)
      actionview (= 7.2.2.1)
      activesupport (= 7.2.2.1)
      nokogiri (>= 1.8.5)
      racc
      rack (>= 2.2.4, < 3.2)
      rack-session (>= 1.0.1)
      rack-test (>= 0.6.3)
      rails-dom-testing (~> 2.2)
      rails-html-sanitizer (~> 1.6)
      useragent (~> 0.16)
    actiontext (7.2.2.1)
      actionpack (= 7.2.2.1)
      activerecord (= 7.2.2.1)
      activestorage (= 7.2.2.1)
      activesupport (= 7.2.2.1)
      globalid (>= 0.6.0)
      nokogiri (>= 1.8.5)
    actionview (7.2.2.1)
      activesupport (= 7.2.2.1)
      builder (~> 3.1)
      erubi (~> 1.11)
      rails-dom-testing (~> 2.2)
      rails-html-sanitizer (~> 1.6)
    activejob (7.2.2.1)
      activesupport (= 7.2.2.1)
      globalid (>= 0.3.6)
    activemodel (7.2.2.1)
      activesupport (= 7.2.2.1)
    activerecord (7.2.2.1)
      activemodel (= 7.2.2.1)
      activesupport (= 7.2.2.1)
      timeout (>= 0.4.0)
    activerecord-import (1.8.1)
      activerecord (>= 4.2)
    activestorage (7.2.2.1)
      actionpack (= 7.2.2.1)
      activejob (= 7.2.2.1)
      activerecord (= 7.2.2.1)
      activesupport (= 7.2.2.1)
      marcel (~> 1.0)
    activesupport (7.2.2.1)
      base64
      benchmark (>= 0.3)
      bigdecimal
      concurrent-ruby (~> 1.0, >= 1.3.1)
      connection_pool (>= 2.2.5)
      drb
      i18n (>= 1.6, < 2)
      logger (>= 1.4.2)
      minitest (>= 5.1)
      securerandom (>= 0.3)
      tzinfo (~> 2.0, >= 2.0.5)
    addressable (2.8.7)
      public_suffix (>= 2.0.2, < 7.0)
    ansi (1.5.0)
    ast (2.4.2)
    base64 (0.2.0)
    benchmark (0.4.0)
    better_errors (2.10.1)
      erubi (>= 1.0.0)
      rack (>= 0.9.0)
      rouge (>= 1.0.0)
    bigdecimal (3.1.9)
    binding_of_caller (1.0.1)
      debug_inspector (>= 1.2.0)
    bootstrap4-kaminari-views (1.0.1)
      kaminari (>= 0.13)
      rails (>= 3.1)
    break (0.40.0)
    builder (3.3.0)
    capybara (3.40.0)
      addressable
      matrix
      mini_mime (>= 0.1.3)
      nokogiri (~> 1.11)
      rack (>= 1.6.0)
      rack-test (>= 0.6.3)
      regexp_parser (>= 1.5, < 3.0)
      xpath (~> 3.2)
    capybara-puma (1.0.1)
      capybara
      puma
    carrierwave (3.1.1)
      activemodel (>= 6.0.0)
      activesupport (>= 6.0.0)
      addressable (~> 2.6)
      image_processing (~> 1.1)
      marcel (~> 1.0.0)
      ssrf_filter (~> 1.0)
    coderay (1.1.3)
    coffee-script (2.4.1)
      coffee-script-source
      execjs
    coffee-script-source (1.12.2)
    colorize (0.8.1)
    company-mapping (0.2.3)
    concurrent-ruby (1.3.5)
    connection_pool (2.5.0)
    crack (1.0.0)
      bigdecimal
      rexml
    crass (1.0.6)
    cucumber (7.1.0)
      builder (~> 3.2, >= 3.2.4)
      cucumber-core (~> 10.1, >= 10.1.0)
      cucumber-create-meta (~> 6.0, >= 6.0.1)
      cucumber-cucumber-expressions (~> 14.0, >= 14.0.0)
      cucumber-gherkin (~> 22.0, >= 22.0.0)
      cucumber-html-formatter (~> 17.0, >= 17.0.0)
      cucumber-messages (~> 17.1, >= 17.1.1)
      cucumber-wire (~> 6.2, >= 6.2.0)
      diff-lcs (~> 1.4, >= 1.4.4)
      mime-types (~> 3.3, >= 3.3.1)
      multi_test (~> 0.1, >= 0.1.2)
      sys-uname (~> 1.2, >= 1.2.2)
    cucumber-core (10.1.1)
      cucumber-gherkin (~> 22.0, >= 22.0.0)
      cucumber-messages (~> 17.1, >= 17.1.1)
      cucumber-tag-expressions (~> 4.1, >= 4.1.0)
    cucumber-create-meta (6.0.4)
      cucumber-messages (~> 17.1, >= 17.1.1)
      sys-uname (~> 1.2, >= 1.2.2)
    cucumber-cucumber-expressions (14.0.0)
    cucumber-gherkin (22.0.0)
      cucumber-messages (~> 17.1, >= 17.1.1)
    cucumber-html-formatter (17.0.0)
      cucumber-messages (~> 17.1, >= 17.1.0)
    cucumber-messages (17.1.1)
    cucumber-rails (2.6.1)
      capybara (>= 2.18, < 4)
      cucumber (>= 3.2, < 9)
      mime-types (~> 3.3)
      nokogiri (~> 1.10)
      railties (>= 5.0, < 8)
      rexml (~> 3.0)
      webrick (~> 1.7)
    cucumber-tag-expressions (4.1.0)
    cucumber-wire (6.2.1)
      cucumber-core (~> 10.1, >= 10.1.0)
      cucumber-cucumber-expressions (~> 14.0, >= 14.0.0)
    curb (1.0.6)
    cypress-on-rails (1.17.0)
      rack
    daemons (1.4.1)
    dalli (3.2.8)
    database_cleaner (2.1.0)
      database_cleaner-active_record (>= 2, < 3)
    database_cleaner-active_record (2.2.0)
      activerecord (>= 5.a)
      database_cleaner-core (~> 2.0.0)
    database_cleaner-core (2.0.1)
    date (3.4.1)
    debug_inspector (1.2.0)
    delayed_job (4.1.13)
      activesupport (>= 3.0, < 9.0)
    delayed_job_active_record (4.1.11)
      activerecord (>= 3.0, < 9.0)
      delayed_job (>= 3.0, < 5)
    delayed_job_web (1.4.4)
      activerecord (> 3.0.0)
      delayed_job (> 2.0.3)
      rack-protection (>= 1.5.5)
      sinatra (>= 1.4.4)
    diff-lcs (1.5.1)
    docile (1.4.1)
    domain_name (0.6.20240107)
    drb (2.2.1)
    email_spec (2.3.0)
      htmlentities (~> 4.3.3)
      launchy (>= 2.1, < 4.0)
      mail (~> 2.7)
    erubi (1.13.1)
    erubis (2.7.0)
    ethon (0.16.0)
      ffi (>= 1.15.0)
    excon (1.2.3)
    execjs (2.10.0)
    faraday (2.12.2)
      faraday-net_http (>= 2.0, < 3.5)
      json
      logger
    faraday-net_http (3.4.0)
      net-http (>= 0.5.0)
    ffi (1.16.3)
    fog-aws (3.30.0)
      base64 (~> 0.2.0)
      fog-core (~> 2.6)
      fog-json (~> 1.1)
      fog-xml (~> 0.1)
    fog-core (2.6.0)
      builder
      excon (~> 1.0)
      formatador (>= 0.2, < 2.0)
      mime-types
    fog-json (1.2.0)
      fog-core
      multi_json (~> 1.10)
    fog-xml (0.1.5)
      fog-core
      nokogiri (>= 1.5.11, < 2.0.0)
    formatador (1.1.0)
    globalid (1.2.1)
      activesupport (>= 6.1)
    graphiql-rails (1.10.1)
      railties
    graphql (1.12.24)
    haml (5.2.2)
      temple (>= 0.8.0)
      tilt
    highline (3.1.2)
      reline
    html2haml (2.3.0)
      erubis (~> 2.7.0)
      haml (>= 4.0)
      nokogiri (>= 1.6.0)
      ruby_parser (~> 3.5)
    htmlentities (4.3.4)
    http-accept (1.7.0)
    http-cookie (1.0.8)
      domain_name (~> 0.5)
    i18n (1.14.7)
      concurrent-ruby (~> 1.0)
    i18n-tasks (0.9.37)
      activesupport (>= 4.0.2)
      ast (>= 2.1.0)
      erubi
      highline (>= 2.0.0)
      i18n
      parser (>= 2.2.3.0)
      rails-i18n
      rainbow (>= 2.2.2, < 4.0)
      terminal-table (>= 1.5.1)
    image_info (1.2.2)
      addressable (~> 2.0)
      image_size (~> 2.0)
      typhoeus (~> 1.0)
    image_processing (1.13.0)
      mini_magick (>= 4.9.5, < 5)
      ruby-vips (>= 2.0.17, < 3)
    image_size (2.1.2)
    interception (0.5)
    io-console (0.8.0)
    irb (1.15.1)
      pp (>= 0.6.0)
      rdoc (>= 4.0.0)
      reline (>= 0.4.2)
    iso8601 (0.13.0)
    json (2.9.1)
    jwt (2.10.1)
      base64
    kaminari (1.2.2)
      activesupport (>= 4.1.0)
      kaminari-actionview (= 1.2.2)
      kaminari-activerecord (= 1.2.2)
      kaminari-core (= 1.2.2)
    kaminari-actionview (1.2.2)
      actionview
      kaminari-core (= 1.2.2)
    kaminari-activerecord (1.2.2)
      activerecord
      kaminari-core (= 1.2.2)
    kaminari-core (1.2.2)
    kramdown (2.5.1)
      rexml (>= 3.3.9)
    kramdown-syntax-coderay (1.0.1)
      coderay (~> 1.1)
      kramdown (~> 2.0)
    language_server-protocol (3.17.0.4)
    launchy (2.5.2)
      addressable (~> 2.8)
    link_thumbnailer (3.4.0)
      activesupport (>= 3.0)
      image_info (~> 1.0, >= 1.2.0)
      json (>= 1.7.7)
      net-http-persistent (>= 2.9)
      nokogiri (>= 1.6)
      rake (>= 0.9)
      video_info (>= 2.6)
    listen (3.9.0)
      rb-fsevent (~> 0.10, >= 0.10.3)
      rb-inotify (~> 0.9, >= 0.9.10)
    logger (1.6.5)
    loofah (2.24.0)
      crass (~> 1.0.2)
      nokogiri (>= 1.12.0)
    mail (2.8.1)
      mini_mime (>= 0.1.1)
      net-imap
      net-pop
      net-smtp
    marcel (1.0.2)
    matrix (0.4.2)
    method_source (1.1.0)
    mime-types (3.6.0)
      logger
      mime-types-data (~> 3.2015)
    mime-types-data (3.2025.0107)
    mini_magick (4.13.2)
    mini_mime (1.1.5)
    mini_portile2 (2.8.8)
    minitest (5.25.4)
    multi_json (1.15.0)
    multi_test (0.1.2)
    mustermann (3.0.3)
      ruby2_keywords (~> 0.0.1)
    mysql2 (0.5.6)
    net-http (0.6.0)
      uri
    net-http-persistent (4.0.5)
      connection_pool (~> 2.2)
    net-imap (0.4.17)
      date
      net-protocol
    net-pop (0.1.2)
      net-protocol
    net-protocol (0.2.2)
      timeout
    net-smtp (0.5.0)
      net-protocol
    net_http_timeout_errors (1.0.0)
    netrc (0.11.0)
    newrelic_rpm (9.17.0)
    nio4r (2.7.4)
    nokogiri (1.18.2)
      mini_portile2 (~> 2.8.2)
      racc (~> 1.4)
    nokogiri (1.18.2-aarch64-linux-gnu)
      racc (~> 1.4)
    nokogiri (1.18.2-arm-linux-gnu)
      racc (~> 1.4)
    nokogiri (1.18.2-arm64-darwin)
      racc (~> 1.4)
    nokogiri (1.18.2-x86_64-darwin)
      racc (~> 1.4)
    nokogiri (1.18.2-x86_64-linux-gnu)
      racc (~> 1.4)
    nokogiri-happymapper (0.10.0)
      nokogiri (~> 1.5)
    oga (3.4)
      ast
      ruby-ll (~> 2.1)
    open_uri_redirections (0.2.1)
    opensearch-ruby (3.4.0)
      faraday (>= 1.0, < 3)
      multi_json (>= 1.0)
    parallel (1.26.3)
    parser (3.3.7.0)
      ast (~> 2.4.1)
      racc
    pdfkit (0.8.7.3)
    pivotal-tracker (0.5.13)
      builder
      crack
      nokogiri (>= 1.5.5)
      nokogiri-happymapper (>= 0.5.4)
      rest-client (>= 1.8.0)
    pluck_all (2.3.4)
      activesupport (>= 3.0.0)
      rails_compatibility (>= 0.0.10)
    pp (0.6.2)
      prettyprint
    prettyprint (0.2.0)
    pry (0.15.2)
      coderay (~> 1.1)
      method_source (~> 1.0)
    pry-rails (0.3.11)
      pry (>= 0.13.0)
    pry-rescue (1.6.0)
      interception (>= 0.5)
      pry (>= 0.12.0)
    pry-stack_explorer (0.6.1)
      binding_of_caller (~> 1.0)
      pry (~> 0.13)
    psych (5.2.3)
      date
      stringio
    public_suffix (6.0.1)
    puma (5.6.9)
      nio4r (~> 2.0)
    racc (1.8.1)
    rack (2.2.11)
    rack-attack (6.7.0)
      rack (>= 1.0, < 4)
    rack-cors (2.0.2)
      rack (>= 2.0.0)
    rack-protection (3.2.0)
      base64 (>= 0.1.0)
      rack (~> 2.2, >= 2.2.4)
    rack-session (1.0.2)
      rack (< 3)
    rack-test (2.2.0)
      rack (>= 1.3)
    rackup (1.0.1)
      rack (< 3)
      webrick
    rails (7.2.2.1)
      actioncable (= 7.2.2.1)
      actionmailbox (= 7.2.2.1)
      actionmailer (= 7.2.2.1)
      actionpack (= 7.2.2.1)
      actiontext (= 7.2.2.1)
      actionview (= 7.2.2.1)
      activejob (= 7.2.2.1)
      activemodel (= 7.2.2.1)
      activerecord (= 7.2.2.1)
      activestorage (= 7.2.2.1)
      activesupport (= 7.2.2.1)
      bundler (>= 1.15.0)
      railties (= 7.2.2.1)
    rails-controller-testing (1.0.5)
      actionpack (>= 5.0.1.rc1)
      actionview (>= 5.0.1.rc1)
      activesupport (>= 5.0.1.rc1)
    rails-dom-testing (2.2.0)
      activesupport (>= 5.0.0)
      minitest
      nokogiri (>= 1.6)
    rails-html-sanitizer (1.6.2)
      loofah (~> 2.21)
      nokogiri (>= 1.15.7, != 1.16.7, != 1.16.6, != 1.16.5, != 1.16.4, != 1.16.3, != 1.16.2, != 1.16.1, != 1.16.0.rc1, != 1.16.0)
    rails-i18n (7.0.10)
      i18n (>= 0.7, < 2)
      railties (>= 6.0.0, < 8)
    rails_compatibility (0.0.10)
      activerecord (>= 3)
    railties (7.2.2.1)
      actionpack (= 7.2.2.1)
      activesupport (= 7.2.2.1)
      irb (~> 1.13)
      rackup (>= 1.0.0)
      rake (>= 12.2)
      thor (~> 1.0, >= 1.2.2)
      zeitwerk (~> 2.6)
    rainbow (3.1.1)
    rake (13.2.1)
    rb-fsevent (0.11.2)
    rb-inotify (0.11.1)
      ffi (~> 1.0)
    rdoc (6.11.0)
      psych (>= 4.0.0)
    recaptcha (4.13.2)
      json
    regexp_parser (2.10.0)
    reline (0.6.0)
      io-console (~> 0.5)
    rest-client (2.1.0)
      http-accept (>= 1.7.0, < 2.0)
      http-cookie (>= 1.0.2, < 2.0)
      mime-types (>= 1.16, < 4.0)
      netrc (~> 0.8)
    rexml (3.4.0)
    roo (2.10.1)
      nokogiri (~> 1)
      rubyzip (>= 1.3.0, < 3.0.0)
    rouge (4.5.1)
    rr (3.1.1)
    rspec (3.13.0)
      rspec-core (~> 3.13.0)
      rspec-expectations (~> 3.13.0)
      rspec-mocks (~> 3.13.0)
    rspec-core (3.13.2)
      rspec-support (~> 3.13.0)
    rspec-expectations (3.13.3)
      diff-lcs (>= 1.2.0, < 2.0)
      rspec-support (~> 3.13.0)
    rspec-html-matchers (0.10.0)
      nokogiri (~> 1)
      rspec (>= 3.0.0.a)
    rspec-mocks (3.13.2)
      diff-lcs (>= 1.2.0, < 2.0)
      rspec-support (~> 3.13.0)
    rspec-rails (6.1.5)
      actionpack (>= 6.1)
      activesupport (>= 6.1)
      railties (>= 6.1)
      rspec-core (~> 3.13)
      rspec-expectations (~> 3.13)
      rspec-mocks (~> 3.13)
      rspec-support (~> 3.13)
    rspec-support (3.13.2)
    rspec_junit_formatter (0.6.0)
      rspec-core (>= 2, < 4, != 2.12.0)
    rubocop (1.71.1)
      json (~> 2.3)
      language_server-protocol (>= 3.17.0)
      parallel (~> 1.10)
      parser (>= 3.3.0.2)
      rainbow (>= 2.2.2, < 4.0)
      regexp_parser (>= 2.9.3, < 3.0)
      rubocop-ast (>= 1.38.0, < 2.0)
      ruby-progressbar (~> 1.7)
      unicode-display_width (>= 2.4.0, < 4.0)
    rubocop-ast (1.38.0)
      parser (>= 3.3.1.0)
    rubocop-capybara (2.21.0)
      rubocop (~> 1.41)
    rubocop-factory_bot (2.26.1)
      rubocop (~> 1.61)
    rubocop-rspec (2.31.0)
      rubocop (~> 1.40)
      rubocop-capybara (~> 2.17)
      rubocop-factory_bot (~> 2.22)
      rubocop-rspec_rails (~> 2.28)
    rubocop-rspec_rails (2.29.1)
      rubocop (~> 1.61)
    ruby-jmeter (3.1.08)
      nokogiri
      rest-client
    ruby-ll (2.1.3)
      ansi
      ast
    ruby-prof (1.7.1)
    ruby-progressbar (1.13.0)
    ruby-vips (2.2.2)
      ffi (~> 1.12)
      logger
    ruby2_keywords (0.0.5)
    ruby_parser (3.21.1)
      racc (~> 1.5)
      sexp_processor (~> 4.16)
    rubyzip (2.4.1)
    sass (3.7.4)
      sass-listen (~> 4.0.0)
    sass-listen (4.0.0)
      rb-fsevent (~> 0.9, >= 0.9.4)
      rb-inotify (~> 0.9, >= 0.9.7)
    sassc (2.4.0)
      ffi (~> 1.9)
    securerandom (0.4.1)
    selenium-webdriver (4.9.0)
      rexml (~> 3.2, >= 3.2.5)
      rubyzip (>= 1.2.2, < 3.0)
      websocket (~> 1.0)
    sexp_processor (4.17.3)
    simplecov (0.22.0)
      docile (~> 1.1)
      simplecov-html (~> 0.11)
      simplecov_json_formatter (~> 0.1)
    simplecov-html (0.13.1)
    simplecov_json_formatter (0.1.4)
    sinatra (3.2.0)
      mustermann (~> 3.0)
      rack (~> 2.2, >= 2.2.4)
      rack-protection (= 3.2.0)
      tilt (~> 2.0)
    spork (0.9.2)
    spring (4.2.1)
    spring-commands-cucumber (1.0.1)
      spring (>= 0.9.1)
    spring-commands-rspec (1.0.4)
      spring (>= 0.9.1)
    sprockets (3.7.5)
      base64
      concurrent-ruby (~> 1.0)
      rack (> 1, < 3)
    sprockets-rails (3.5.2)
      actionpack (>= 6.1)
      activesupport (>= 6.1)
      sprockets (>= 3.0.0)
    ssrf_filter (1.2.0)
    staccato (0.5.3)
    stringio (3.1.2)
    sys-uname (1.3.1)
      ffi (~> 1.1)
    temple (0.10.3)
    terminal-table (4.0.0)
      unicode-display_width (>= 1.1.1, < 4)
    thor (1.3.2)
    tilt (2.6.0)
    timecop (0.9.10)
    timeout (0.4.3)
    typhoeus (1.4.1)
      ethon (>= 0.9.0)
    tzinfo (2.0.6)
      concurrent-ruby (~> 1.0)
    uglifier (4.2.1)
      execjs (>= 0.3.0, < 3)
    unicode-display_width (3.1.4)
      unicode-emoji (~> 4.0, >= 4.0.4)
    unicode-emoji (4.0.4)
    uri (1.0.2)
    useragent (0.16.11)
    video_info (4.2.0)
      iso8601 (~> 0.13.0)
      net_http_timeout_errors (~> 1.0.0)
      oga (~> 3.4)
    wbench (1.1.1)
      addressable
      capybara
      colorize
      selenium-webdriver
    webdrivers (5.3.1)
      nokogiri (~> 1.6)
      rubyzip (>= 1.3.0)
      selenium-webdriver (~> 4.0, < 4.11)
    webrick (1.9.1)
    websocket (1.2.11)
    websocket-driver (0.7.7)
      base64
      websocket-extensions (>= 0.1.0)
    websocket-extensions (0.1.5)
    wkhtmltopdf-binary (0.12.6.8)
    xpath (3.2.0)
      nokogiri (~> 1.8)
    zeitwerk (2.6.18)

PLATFORMS
  aarch64-linux
  arm-linux
  arm64-darwin
  x86-linux
  x86_64-darwin
  x86_64-linux

DEPENDENCIES
  addressable
  card!
  card-mod-alias!
  card-mod-bookmarks!
  card-mod-counts!
  card-mod-csv_import!
  card-mod-deckorate_search!
  card-mod-defaults!
  card-mod-delayed_job!
  card-mod-filter!
  card-mod-flag!
  card-mod-fulltext!
  card-mod-google_analytics!
  card-mod-graphql!
  card-mod-lookup!
  card-mod-monkey!
  card-mod-new_relic!
  card-mod-pdfjs!
  card-mod-social!
  card-mod-solid_cache!
  card-mod-thumbnail!
  cardname!
  company-mapping
  curb
  dalli
  decko!
  decko-cucumber!
  decko-cypress!
  decko-profile!
  decko-rspec!
  decko-spring!
  ffi (= 1.16.3)
  fog-aws
  link_thumbnailer
  mysql2 (> 0.4)
  net-imap (= 0.4.17)
  open_uri_redirections
  pdfkit
  pivotal-tracker
  pluck_all
  puma (~> 5.6)
  rack-attack
  rack-cors
  roo
  ruby-jmeter
  timecop
  wbench
  wkhtmltopdf-binary
  zeitwerk (~> 2.6.18)

BUNDLED WITH
   2.5.11
